GEM
  remote: https://rubygems.org/
  specs:
    debug (1.6.3)
      irb (>= 1.3.6)
      reline (>= 0.3.1)
    io-console (0.5.11)
    irb (1.4.2)
      reline (>= 0.3.0)
    minitest (5.16.3)
    rake (13.0.6)
    reline (0.3.1)
      io-console (~> 0.5)

PLATFORMS
  x86_64-linux

DEPENDENCIES
  debug
  minitest
  rake

BUNDLED WITH
   2.3.14
